GEM
  remote: https://rubygems.org/
  specs:
    ast (2.4.0)
    git (1.5.0)
    jaro_winkler (1.5.3)
    naturally (2.2.0)
    parallel (1.17.0)
    parser (2.6.4.1)
      ast (~> 2.4.0)
    rainbow (3.0.0)
    rubocop (0.74.0)
      jaro_winkler (~> 1.5.1)
      parallel (~> 1.10)
      parser (>= 2.6)
      rainbow (>= 2.2.2, < 4.0)
      ruby-progressbar (~> 1.7)
      unicode-display_width (>= 1.4.0, < 1.7)
    rubocop-sketchup (0.10.2)
      rubocop (>= 0.69, <= 0.74)
    ruby-progressbar (1.10.1)
    sketchup-api-stubs (0.6.1)
    skippy (0.4.1.a)
      git (~> 1.3)
      naturally (~> 2.1)
      thor (~> 0.19)
    thor (0.20.3)
    unicode-display_width (1.6.0)

PLATFORMS
  x64-mingw32

DEPENDENCIES
  rubocop
  rubocop-sketchup (~> 0.10.2)
  sketchup-api-stubs (>= 0.6.1)
  skippy

BUNDLED WITH
   2.0.2
